{
	"Modality": "MR",
	"MagneticFieldStrength": 3,
	"ImagingFrequency": 123.191,
	"Manufacturer": "Siemens",
	"ManufacturersModelName": "Prisma",
	"InstitutionName": "Mind Brain Behaviour Institute",
	"InstitutionAddress": "West 130th Street 610,NY,NYC,US,10025",
	"DeviceSerialNumber": "166010",
	"StationName": "AWP166010",
	"BodyPartExamined": "BRAIN",
	"PatientPosition": "HFS",
	"ProcedureStepDescription": "Baldassano^CommCon",
	"SoftwareVersions": "syngo MR E11",
	"MRAcquisitionType": "2D",
	"SeriesDescription": "func-bold_task-tv_run-03",
	"ProtocolName": "func-bold_task-tv_run-03",
	"ScanningSequence": "EP",
	"SequenceVariant": "SK",
	"ScanOptions": "FS",
	"SequenceName": "*epfid2d1_110",
	"ImageType": ["ORIGINAL", "PRIMARY", "M", "ND", "NORM", "MOSAIC"],
	"NonlinearGradientCorrection": false,
	"SeriesNumber": 10,
	"AcquisitionTime": "18:53:10.402500",
	"AcquisitionNumber": 1,
	"SliceThickness": 2,
	"SpacingBetweenSlices": 2,
	"SAR": 0.0727471,
	"EchoTime": 0.028,
	"RepetitionTime": 1.5,
	"FlipAngle": 65,
	"PartialFourier": 1,
	"BaseResolution": 110,
	"ShimSetting": [
		2016,
		-874,
		3262,
		464,
		-112,
		-95,
		50,
		141	],
	"TxRefAmp": 251.256,
	"PhaseResolution": 1,
	"ReceiveCoilName": "HeadNeck_64",
	"ReceiveCoilActiveElements": "HC1-7",
	"PulseSequenceDetails": "%SiemensSeq%\\ep2d_bold",
	"RefLinesPE": 24,
	"CoilCombinationMethod": "Sum of Squares",
	"ConsistencyInfo": "N4_VE11C_LATEST_20160120",
	"MultibandAccelerationFactor": 3,
	"PercentPhaseFOV": 100,
	"PercentSampling": 100,
	"EchoTrainLength": 55,
	"PhaseEncodingSteps": 110,
	"AcquisitionMatrixPE": 110,
	"ReconMatrixPE": 110,
	"BandwidthPerPixelPhaseEncode": 29.806,
	"ParallelReductionFactorInPlane": 2,
	"EffectiveEchoSpacing": 0.000305003,
	"DerivedVendorReportedEchoSpacing": 0.000610005,
	"TotalReadoutTime": 0.0332453,
	"PixelBandwidth": 1975,
	"PhaseEncodingDirection": "j-",
	"SliceTiming": [
		0,
		0.7725,
		0.065,
		0.8375,
		0.1275,
		0.9,
		0.1925,
		0.965,
		0.2575,
		1.03,
		0.3225,
		1.095,
		0.385,
		1.1575,
		0.45,
		1.2225,
		0.515,
		1.2875,
		0.58,
		1.35,
		0.6425,
		1.415,
		0.7075,
		0,
		0.7725,
		0.065,
		0.8375,
		0.1275,
		0.9,
		0.1925,
		0.965,
		0.2575,
		1.03,
		0.3225,
		1.095,
		0.385,
		1.1575,
		0.45,
		1.2225,
		0.515,
		1.2875,
		0.58,
		1.35,
		0.6425,
		1.415,
		0.7075,
		0,
		0.7725,
		0.065,
		0.8375,
		0.1275,
		0.9,
		0.1925,
		0.965,
		0.2575,
		1.03,
		0.3225,
		1.095,
		0.385,
		1.1575,
		0.45,
		1.2225,
		0.515,
		1.2875,
		0.58,
		1.35,
		0.6425,
		1.415,
		0.7075	],
	"ImageOrientationPatientDICOM": [
		0.99857,
		0.0534103,
		-0.00220692,
		-0.0481395,
		0.880542,
		-0.471516	],
	"InPlanePhaseEncodingDirectionDICOM": "COL",
	"ConversionSoftware": "dcm2niix",
	"ConversionSoftwareVersion": "v1.0.20220720"
}
