{
	"Modality": "MR",
	"MagneticFieldStrength": 3,
	"ImagingFrequency": 123.19,
	"Manufacturer": "Siemens",
	"ManufacturersModelName": "Prisma",
	"InstitutionName": "MBBI",
	"InstitutionAddress": "West 130th Street 610,NY,NYC,US,10025",
	"DeviceSerialNumber": "166010",
	"StationName": "AWP166010",
	"BodyPartExamined": "BRAIN",
	"PatientPosition": "HFS",
	"ProcedureStepDescription": "Baldassano^CommCon",
	"SoftwareVersions": "syngo MR E11",
	"MRAcquisitionType": "3D",
	"SeriesDescription": "anat-T1w",
	"ProtocolName": "anat-T1w",
	"ScanningSequence": "GR\\IR",
	"SequenceVariant": "SK\\SP\\MP",
	"ScanOptions": "IR",
	"SequenceName": "*tfl3d1_16ns",
	"ImageType": ["ORIGINAL", "PRIMARY", "M", "ND", "NORM"],
	"NonlinearGradientCorrection": false,
	"SeriesNumber": 5,
	"AcquisitionTime": "15:43:54.342500",
	"AcquisitionNumber": 1,
	"ImageComments": "Image quality: high",
	"SliceThickness": 1,
	"SAR": 0.0462649,
	"EchoTime": 0.00298,
	"RepetitionTime": 2.3,
	"SpoilingState": true,
	"InversionTime": 0.9,
	"FlipAngle": 9,
	"PartialFourier": 1,
	"BaseResolution": 256,
	"ShimSetting": [
		2029,
		-1012,
		3158,
		256,
		-146,
		-515,
		-143,
		72	],
	"TxRefAmp": 219.155,
	"PhaseResolution": 1,
	"ReceiveCoilName": "HeadNeck_64",
	"ReceiveCoilActiveElements": "HC1-7;NC1,2",
	"PulseSequenceDetails": "%SiemensSeq%\\tfl",
	"RefLinesPE": 24,
	"CoilCombinationMethod": "Adaptive Combine",
	"ConsistencyInfo": "N4_VE11C_LATEST_20160120",
	"MatrixCoilMode": "GRAPPA",
	"PercentPhaseFOV": 96.875,
	"PercentSampling": 100,
	"PhaseEncodingSteps": 247,
	"AcquisitionMatrixPE": 248,
	"ReconMatrixPE": 248,
	"ParallelReductionFactorInPlane": 2,
	"PixelBandwidth": 240,
	"ImageOrientationPatientDICOM": [
		0.0433404,
		0.980805,
		0.190113,
		-0.00225451,
		0.190388,
		-0.981706	],
	"InPlanePhaseEncodingDirectionDICOM": "ROW",
	"ConversionSoftware": "dcm2niix",
	"ConversionSoftwareVersion": "v1.0.20220720"
}
