{
	"Modality": "MR",
	"MagneticFieldStrength": 3,
	"ImagingFrequency": 123.191,
	"Manufacturer": "Siemens",
	"ManufacturersModelName": "Prisma",
	"InstitutionName": "Mind Brain Behaviour Institute",
	"InstitutionalDepartmentName": "Department",
	"InstitutionAddress": "West 130th Street 610,NY,NYC,US,10025",
	"DeviceSerialNumber": "166010",
	"StationName": "AWP166010",
	"BodyPartExamined": "BRAIN",
	"PatientPosition": "HFS",
	"ProcedureStepDescription": "Baldassano^CommCon",
	"SoftwareVersions": "syngo MR E11",
	"MRAcquisitionType": "3D",
	"SeriesDescription": "anat-T1w",
	"ProtocolName": "anat-T1w",
	"ScanningSequence": "GR\\IR",
	"SequenceVariant": "SK\\SP\\MP",
	"ScanOptions": "IR",
	"SequenceName": "*tfl3d1_16ns",
	"ImageType": ["ORIGINAL", "PRIMARY", "M", "ND", "NORM"],
	"NonlinearGradientCorrection": false,
	"SeriesNumber": 6,
	"AcquisitionTime": "09:45:14.355000",
	"AcquisitionNumber": 1,
	"ImageComments": "Image quality: high",
	"SliceThickness": 1,
	"SAR": 0.0500456,
	"EchoTime": 0.00298,
	"RepetitionTime": 2.3,
	"SpoilingState": true,
	"InversionTime": 0.9,
	"FlipAngle": 9,
	"PartialFourier": 1,
	"BaseResolution": 256,
	"ShimSetting": [
		2036,
		-1009,
		3194,
		338,
		-162,
		-617,
		-78,
		17	],
	"TxRefAmp": 210.997,
	"PhaseResolution": 1,
	"ReceiveCoilName": "HeadNeck_64",
	"ReceiveCoilActiveElements": "HE1-4",
	"CoilString": "HC1-7;NC1,2",
	"PulseSequenceDetails": "%SiemensSeq%\\tfl",
	"RefLinesPE": 24,
	"CoilCombinationMethod": "Adaptive Combine",
	"ConsistencyInfo": "N4_VE11C_LATEST_20160120",
	"MatrixCoilMode": "GRAPPA",
	"PercentPhaseFOV": 96.875,
	"PercentSampling": 100,
	"PhaseEncodingSteps": 247,
	"AcquisitionMatrixPE": 248,
	"ReconMatrixPE": 248,
	"ParallelReductionFactorInPlane": 2,
	"PixelBandwidth": 240,
	"DwellTime": 8.2e-06,
	"ImageOrientationPatientDICOM": [
		-0.0134548,
		0.989718,
		0.1424,
		0.0264195,
		0.142715,
		-0.989411	],
	"ImageOrientationText": "Sag>Tra(-1.6)>Cor(-0.5)",
	"InPlanePhaseEncodingDirectionDICOM": "ROW",
	"ConversionSoftware": "dcm2niix",
	"ConversionSoftwareVersion": "v1.0.20220720"
}
