{
	"Modality": "MR",
	"MagneticFieldStrength": 3,
	"ImagingFrequency": 123.19,
	"Manufacturer": "Siemens",
	"ManufacturersModelName": "Prisma",
	"InstitutionName": "MBBI",
	"InstitutionAddress": "West 130th Street 610,NY,NYC,US,10025",
	"DeviceSerialNumber": "166010",
	"StationName": "AWP166010",
	"BodyPartExamined": "BRAIN",
	"PatientPosition": "HFS",
	"ProcedureStepDescription": "Baldassano^CommCon",
	"SoftwareVersions": "syngo MR E11",
	"MRAcquisitionType": "2D",
	"SeriesDescription": "func-bold_task-comm-pre_run-01",
	"ProtocolName": "func-bold_task-comm-pre_run-01",
	"ScanningSequence": "EP",
	"SequenceVariant": "SK",
	"ScanOptions": "FS",
	"SequenceName": "*epfid2d1_110",
	"ImageType": ["ORIGINAL", "PRIMARY", "M", "ND", "NORM", "MOSAIC"],
	"NonlinearGradientCorrection": false,
	"SeriesNumber": 7,
	"AcquisitionTime": "10:32:4.622500",
	"AcquisitionNumber": 1,
	"SliceThickness": 2,
	"SpacingBetweenSlices": 2,
	"SAR": 0.0533338,
	"EchoTime": 0.028,
	"RepetitionTime": 1.5,
	"FlipAngle": 65,
	"PartialFourier": 1,
	"BaseResolution": 110,
	"ShimSetting": [
		2029,
		-893,
		3278,
		587,
		-124,
		-102,
		-70,
		116	],
	"TxRefAmp": 217.366,
	"PhaseResolution": 1,
	"ReceiveCoilName": "HeadNeck_64",
	"ReceiveCoilActiveElements": "HC1-7",
	"PulseSequenceDetails": "%SiemensSeq%\\ep2d_bold",
	"RefLinesPE": 24,
	"CoilCombinationMethod": "Sum of Squares",
	"ConsistencyInfo": "N4_VE11C_LATEST_20160120",
	"MultibandAccelerationFactor": 3,
	"PercentPhaseFOV": 100,
	"PercentSampling": 100,
	"EchoTrainLength": 55,
	"PhaseEncodingSteps": 110,
	"AcquisitionMatrixPE": 110,
	"ReconMatrixPE": 110,
	"BandwidthPerPixelPhaseEncode": 29.806,
	"ParallelReductionFactorInPlane": 2,
	"EffectiveEchoSpacing": 0.000305003,
	"DerivedVendorReportedEchoSpacing": 0.000610005,
	"TotalReadoutTime": 0.0332453,
	"PixelBandwidth": 1975,
	"PhaseEncodingDirection": "j-",
	"SliceTiming": [
		0,
		0.7725,
		0.065,
		0.8375,
		0.13,
		0.9,
		0.1925,
		0.965,
		0.2575,
		1.03,
		0.3225,
		1.095,
		0.385,
		1.1575,
		0.45,
		1.2225,
		0.515,
		1.2875,
		0.58,
		1.35,
		0.6425,
		1.415,
		0.7075,
		0,
		0.7725,
		0.065,
		0.8375,
		0.13,
		0.9,
		0.1925,
		0.965,
		0.2575,
		1.03,
		0.3225,
		1.095,
		0.385,
		1.1575,
		0.45,
		1.2225,
		0.515,
		1.2875,
		0.58,
		1.35,
		0.6425,
		1.415,
		0.7075,
		0,
		0.7725,
		0.065,
		0.8375,
		0.13,
		0.9,
		0.1925,
		0.965,
		0.2575,
		1.03,
		0.3225,
		1.095,
		0.385,
		1.1575,
		0.45,
		1.2225,
		0.515,
		1.2875,
		0.58,
		1.35,
		0.6425,
		1.415,
		0.7075	],
	"ImageOrientationPatientDICOM": [
		0.997633,
		-0.0630537,
		0.0274392,
		0.0687115,
		0.898261,
		-0.434057	],
	"InPlanePhaseEncodingDirectionDICOM": "COL",
	"ConversionSoftware": "dcm2niix",
	"ConversionSoftwareVersion": "v1.0.20220720"
}
