{
	"Modality": "MR",
	"MagneticFieldStrength": 3,
	"ImagingFrequency": 123.189,
	"Manufacturer": "Siemens",
	"ManufacturersModelName": "Prisma",
	"InstitutionName": "Mind Brain Behaviour Institute",
	"InstitutionAddress": "West 130th Street 610,NY,NYC,US,10025",
	"DeviceSerialNumber": "166010",
	"StationName": "AWP166010",
	"BodyPartExamined": "BRAIN",
	"PatientPosition": "HFS",
	"ProcedureStepDescription": "Baldassano^CommCon",
	"SoftwareVersions": "syngo MR E11",
	"MRAcquisitionType": "2D",
	"SeriesDescription": "fmap-epi_dir-AP",
	"ProtocolName": "fmap-epi_dir-AP",
	"ScanningSequence": "EP",
	"SequenceVariant": "SK\\SS",
	"ScanOptions": "FS",
	"SequenceName": "epfid2d1_96",
	"ImageType": ["ORIGINAL", "PRIMARY", "M", "MB", "ND", "NORM", "MOSAIC"],
	"NonlinearGradientCorrection": false,
	"SeriesNumber": 12,
	"AcquisitionTime": "12:16:45.392500",
	"AcquisitionNumber": 1,
	"ImageComments": "Unaliased MB3/PE4/LB",
	"SliceThickness": 2,
	"SpacingBetweenSlices": 2,
	"SAR": 0.0595448,
	"EchoTime": 0.028,
	"RepetitionTime": 1.48,
	"FlipAngle": 90,
	"PartialFourier": 1,
	"BaseResolution": 96,
	"ShimSetting": [
		2027,
		-831,
		3217,
		531,
		-184,
		-49,
		-5,
		97	],
	"TxRefAmp": 218.867,
	"PhaseResolution": 1,
	"VendorReportedEchoSpacing": 0.00057,
	"ReceiveCoilName": "HeadNeck_64",
	"ReceiveCoilActiveElements": "HC1-7",
	"PulseSequenceDetails": "%CustomerSeq%\\cmrr_mbep2d_bold",
	"WipMemBlock": "a5acda17-84d0-474a-8191-d377f6cfe2b5||Sequence: R016 ve11c/master r/8780670; Nov 27 2017 15:05:12 by eja",
	"RefLinesPE": 24,
	"CoilCombinationMethod": "Sum of Squares",
	"ConsistencyInfo": "N4_VE11C_LATEST_20160120",
	"MatrixCoilMode": "GRAPPA",
	"MultibandAccelerationFactor": 3,
	"PercentPhaseFOV": 100,
	"PercentSampling": 100,
	"EchoTrainLength": 47,
	"PhaseEncodingSteps": 95,
	"AcquisitionMatrixPE": 96,
	"ReconMatrixPE": 96,
	"BandwidthPerPixelPhaseEncode": 36.55,
	"ParallelReductionFactorInPlane": 2,
	"EffectiveEchoSpacing": 0.000284998,
	"DerivedVendorReportedEchoSpacing": 0.000569995,
	"TotalReadoutTime": 0.0270748,
	"PixelBandwidth": 2170,
	"PhaseEncodingDirection": "j-",
	"SliceTiming": [
		0,
		0.7625,
		0.065,
		0.825,
		0.1275,
		0.89,
		0.1925,
		0.9525,
		0.255,
		1.0175,
		0.3175,
		1.08,
		0.3825,
		1.1425,
		0.445,
		1.2075,
		0.51,
		1.27,
		0.5725,
		1.335,
		0.635,
		1.3975,
		0.7,
		0,
		0.7625,
		0.065,
		0.825,
		0.1275,
		0.89,
		0.1925,
		0.9525,
		0.255,
		1.0175,
		0.3175,
		1.08,
		0.3825,
		1.1425,
		0.445,
		1.2075,
		0.51,
		1.27,
		0.5725,
		1.335,
		0.635,
		1.3975,
		0.7,
		0,
		0.7625,
		0.065,
		0.825,
		0.1275,
		0.89,
		0.1925,
		0.9525,
		0.255,
		1.0175,
		0.3175,
		1.08,
		0.3825,
		1.1425,
		0.445,
		1.2075,
		0.51,
		1.27,
		0.5725,
		1.335,
		0.635,
		1.3975,
		0.7	],
	"ImageOrientationPatientDICOM": [
		0.996382,
		-0.0565445,
		0.0634436,
		0.0763176,
		0.923779,
		-0.375245	],
	"InPlanePhaseEncodingDirectionDICOM": "COL",
	"ConversionSoftware": "dcm2niix",
	"ConversionSoftwareVersion": "v1.0.20220720"
}
