{
	"Modality": "MR",
	"MagneticFieldStrength": 3,
	"ImagingFrequency": 123.19,
	"Manufacturer": "Siemens",
	"ManufacturersModelName": "Prisma",
	"InstitutionName": "Mind Brain Behaviour Institute",
	"InstitutionAddress": "West 130th Street 610,NY,NYC,US,10025",
	"DeviceSerialNumber": "166010",
	"StationName": "AWP166010",
	"BodyPartExamined": "BRAIN",
	"PatientPosition": "HFS",
	"ProcedureStepDescription": "Baldassano^CommCon",
	"SoftwareVersions": "syngo MR E11",
	"MRAcquisitionType": "2D",
	"SeriesDescription": "fmap-epi_dir-AP",
	"ProtocolName": "fmap-epi_dir-AP",
	"ScanningSequence": "EP",
	"SequenceVariant": "SK\\SS",
	"ScanOptions": "FS",
	"SequenceName": "epfid2d1_96",
	"ImageType": ["ORIGINAL", "PRIMARY", "M", "MB", "ND", "NORM", "MOSAIC"],
	"NonlinearGradientCorrection": false,
	"SeriesNumber": 12,
	"AcquisitionTime": "11:44:17.322500",
	"AcquisitionNumber": 1,
	"ImageComments": "Unaliased MB3/PE4/LB",
	"SliceThickness": 2,
	"SpacingBetweenSlices": 2,
	"SAR": 0.0679507,
	"EchoTime": 0.028,
	"RepetitionTime": 1.48,
	"FlipAngle": 90,
	"PartialFourier": 1,
	"BaseResolution": 96,
	"ShimSetting": [
		2017,
		-928,
		3299,
		637,
		-105,
		-151,
		-2,
		99	],
	"TxRefAmp": 217.04,
	"PhaseResolution": 1,
	"VendorReportedEchoSpacing": 0.00057,
	"ReceiveCoilName": "HeadNeck_64",
	"ReceiveCoilActiveElements": "HC1-7",
	"PulseSequenceDetails": "%CustomerSeq%\\cmrr_mbep2d_bold",
	"WipMemBlock": "06619eb6-0db3-4dfd-983a-b9d57a7986f4||Sequence: R016 ve11c/master r/8780670; Nov 27 2017 15:05:12 by eja",
	"RefLinesPE": 24,
	"CoilCombinationMethod": "Sum of Squares",
	"ConsistencyInfo": "N4_VE11C_LATEST_20160120",
	"MatrixCoilMode": "GRAPPA",
	"MultibandAccelerationFactor": 3,
	"PercentPhaseFOV": 100,
	"PercentSampling": 100,
	"EchoTrainLength": 47,
	"PhaseEncodingSteps": 95,
	"AcquisitionMatrixPE": 96,
	"ReconMatrixPE": 96,
	"BandwidthPerPixelPhaseEncode": 36.55,
	"ParallelReductionFactorInPlane": 2,
	"EffectiveEchoSpacing": 0.000284998,
	"DerivedVendorReportedEchoSpacing": 0.000569995,
	"TotalReadoutTime": 0.0270748,
	"PixelBandwidth": 2170,
	"PhaseEncodingDirection": "j-",
	"SliceTiming": [
		0,
		0.7625,
		0.0625,
		0.825,
		0.1275,
		0.8875,
		0.19,
		0.9525,
		0.255,
		1.015,
		0.3175,
		1.08,
		0.38,
		1.1425,
		0.445,
		1.205,
		0.5075,
		1.27,
		0.5725,
		1.3325,
		0.635,
		1.3975,
		0.6975,
		0,
		0.7625,
		0.0625,
		0.825,
		0.1275,
		0.8875,
		0.19,
		0.9525,
		0.255,
		1.015,
		0.3175,
		1.08,
		0.38,
		1.1425,
		0.445,
		1.205,
		0.5075,
		1.27,
		0.5725,
		1.3325,
		0.635,
		1.3975,
		0.6975,
		0,
		0.7625,
		0.0625,
		0.825,
		0.1275,
		0.8875,
		0.19,
		0.9525,
		0.255,
		1.015,
		0.3175,
		1.08,
		0.38,
		1.1425,
		0.445,
		1.205,
		0.5075,
		1.27,
		0.5725,
		1.3325,
		0.635,
		1.3975,
		0.6975	],
	"ImageOrientationPatientDICOM": [
		0.999007,
		-0.0161136,
		0.0415311,
		0.0331405,
		0.891829,
		-0.451156	],
	"InPlanePhaseEncodingDirectionDICOM": "COL",
	"ConversionSoftware": "dcm2niix",
	"ConversionSoftwareVersion": "v1.0.20220720"
}
