{
	"Modality": "MR",
	"MagneticFieldStrength": 3,
	"ImagingFrequency": 123.19,
	"Manufacturer": "Siemens",
	"ManufacturersModelName": "Prisma",
	"InstitutionName": "Mind Brain Behaviour Institute",
	"InstitutionAddress": "West 130th Street 610,NY,NYC,US,10025",
	"DeviceSerialNumber": "166010",
	"StationName": "AWP166010",
	"BodyPartExamined": "BRAIN",
	"PatientPosition": "HFS",
	"ProcedureStepDescription": "Baldassano^CommCon",
	"SoftwareVersions": "syngo MR E11",
	"MRAcquisitionType": "2D",
	"SeriesDescription": "fmap-epi_dir-AP",
	"ProtocolName": "fmap-epi_dir-AP",
	"ScanningSequence": "EP",
	"SequenceVariant": "SK\\SS",
	"ScanOptions": "FS",
	"SequenceName": "epfid2d1_96",
	"ImageType": ["ORIGINAL", "PRIMARY", "M", "MB", "ND", "NORM", "MOSAIC"],
	"NonlinearGradientCorrection": false,
	"SeriesNumber": 12,
	"AcquisitionTime": "18:34:33.302500",
	"AcquisitionNumber": 1,
	"ImageComments": "Unaliased MB3/PE4/LB",
	"SliceThickness": 2,
	"SpacingBetweenSlices": 2,
	"SAR": 0.0785473,
	"EchoTime": 0.028,
	"RepetitionTime": 1.48,
	"FlipAngle": 90,
	"PartialFourier": 1,
	"BaseResolution": 96,
	"ShimSetting": [
		1995,
		-941,
		3333,
		634,
		-220,
		-179,
		16,
		128	],
	"TxRefAmp": 213.975,
	"PhaseResolution": 1,
	"VendorReportedEchoSpacing": 0.00057,
	"ReceiveCoilName": "HeadNeck_64",
	"ReceiveCoilActiveElements": "HC1-7",
	"PulseSequenceDetails": "%CustomerSeq%\\cmrr_mbep2d_bold",
	"WipMemBlock": "7f6e3ca4-49dc-4d89-8f67-80b03946cb0d||Sequence: R016 ve11c/master r/8780670; Nov 27 2017 15:05:12 by eja",
	"RefLinesPE": 24,
	"CoilCombinationMethod": "Sum of Squares",
	"ConsistencyInfo": "N4_VE11C_LATEST_20160120",
	"MatrixCoilMode": "GRAPPA",
	"MultibandAccelerationFactor": 3,
	"PercentPhaseFOV": 100,
	"PercentSampling": 100,
	"EchoTrainLength": 47,
	"PhaseEncodingSteps": 95,
	"AcquisitionMatrixPE": 96,
	"ReconMatrixPE": 96,
	"BandwidthPerPixelPhaseEncode": 36.55,
	"ParallelReductionFactorInPlane": 2,
	"EffectiveEchoSpacing": 0.000284998,
	"DerivedVendorReportedEchoSpacing": 0.000569995,
	"TotalReadoutTime": 0.0270748,
	"PixelBandwidth": 2170,
	"PhaseEncodingDirection": "j-",
	"SliceTiming": [
		0,
		0.76,
		0.0625,
		0.825,
		0.1275,
		0.8875,
		0.19,
		0.9525,
		0.2525,
		1.015,
		0.3175,
		1.0775,
		0.38,
		1.1425,
		0.445,
		1.205,
		0.5075,
		1.27,
		0.57,
		1.3325,
		0.635,
		1.395,
		0.6975,
		0,
		0.76,
		0.0625,
		0.825,
		0.1275,
		0.8875,
		0.19,
		0.9525,
		0.2525,
		1.015,
		0.3175,
		1.0775,
		0.38,
		1.1425,
		0.445,
		1.205,
		0.5075,
		1.27,
		0.57,
		1.3325,
		0.635,
		1.395,
		0.6975,
		0,
		0.76,
		0.0625,
		0.825,
		0.1275,
		0.8875,
		0.19,
		0.9525,
		0.2525,
		1.015,
		0.3175,
		1.0775,
		0.38,
		1.1425,
		0.445,
		1.205,
		0.5075,
		1.27,
		0.57,
		1.3325,
		0.635,
		1.395,
		0.6975	],
	"ImageOrientationPatientDICOM": [
		0.994801,
		-0.0984804,
		0.0259361,
		0.10175,
		0.950545,
		-0.293447	],
	"InPlanePhaseEncodingDirectionDICOM": "COL",
	"ConversionSoftware": "dcm2niix",
	"ConversionSoftwareVersion": "v1.0.20220720"
}
