{
	"Modality": "MR",
	"MagneticFieldStrength": 3,
	"ImagingFrequency": 123.19,
	"Manufacturer": "Siemens",
	"ManufacturersModelName": "Prisma",
	"InstitutionName": "Mind Brain Behaviour Institute",
	"InstitutionAddress": "West 130th Street 610,NY,NYC,US,10025",
	"DeviceSerialNumber": "166010",
	"StationName": "AWP166010",
	"BodyPartExamined": "BRAIN",
	"PatientPosition": "HFS",
	"ProcedureStepDescription": "Baldassano^CommCon",
	"SoftwareVersions": "syngo MR E11",
	"MRAcquisitionType": "2D",
	"SeriesDescription": "func-bold_task-tv_run-03",
	"ProtocolName": "func-bold_task-tv_run-03",
	"ScanningSequence": "EP",
	"SequenceVariant": "SK",
	"ScanOptions": "FS",
	"SequenceName": "*epfid2d1_110",
	"ImageType": ["ORIGINAL", "PRIMARY", "M", "ND", "NORM", "MOSAIC"],
	"NonlinearGradientCorrection": false,
	"SeriesNumber": 10,
	"AcquisitionTime": "15:52:49.747500",
	"AcquisitionNumber": 1,
	"SliceThickness": 2,
	"SpacingBetweenSlices": 2,
	"SAR": 0.0816391,
	"EchoTime": 0.028,
	"RepetitionTime": 1.5,
	"FlipAngle": 65,
	"PartialFourier": 1,
	"BaseResolution": 110,
	"ShimSetting": [
		2018,
		-927,
		3267,
		518,
		-174,
		-193,
		74,
		96	],
	"TxRefAmp": 274.395,
	"PhaseResolution": 1,
	"ReceiveCoilName": "HeadNeck_64",
	"ReceiveCoilActiveElements": "HC1-7",
	"PulseSequenceDetails": "%SiemensSeq%\\ep2d_bold",
	"RefLinesPE": 24,
	"CoilCombinationMethod": "Sum of Squares",
	"ConsistencyInfo": "N4_VE11C_LATEST_20160120",
	"MultibandAccelerationFactor": 3,
	"PercentPhaseFOV": 100,
	"PercentSampling": 100,
	"EchoTrainLength": 55,
	"PhaseEncodingSteps": 110,
	"AcquisitionMatrixPE": 110,
	"ReconMatrixPE": 110,
	"BandwidthPerPixelPhaseEncode": 29.806,
	"ParallelReductionFactorInPlane": 2,
	"EffectiveEchoSpacing": 0.000305003,
	"DerivedVendorReportedEchoSpacing": 0.000610005,
	"TotalReadoutTime": 0.0332453,
	"PixelBandwidth": 1975,
	"PhaseEncodingDirection": "j-",
	"SliceTiming": [
		0,
		0.7725,
		0.065,
		0.8375,
		0.13,
		0.9025,
		0.195,
		0.9675,
		0.2575,
		1.03,
		0.3225,
		1.095,
		0.3875,
		1.16,
		0.4525,
		1.2225,
		0.515,
		1.2875,
		0.58,
		1.3525,
		0.645,
		1.4175,
		0.71,
		0,
		0.7725,
		0.065,
		0.8375,
		0.13,
		0.9025,
		0.195,
		0.9675,
		0.2575,
		1.03,
		0.3225,
		1.095,
		0.3875,
		1.16,
		0.4525,
		1.2225,
		0.515,
		1.2875,
		0.58,
		1.3525,
		0.645,
		1.4175,
		0.71,
		0,
		0.7725,
		0.065,
		0.8375,
		0.13,
		0.9025,
		0.195,
		0.9675,
		0.2575,
		1.03,
		0.3225,
		1.095,
		0.3875,
		1.16,
		0.4525,
		1.2225,
		0.515,
		1.2875,
		0.58,
		1.3525,
		0.645,
		1.4175,
		0.71	],
	"ImageOrientationPatientDICOM": [
		0.999687,
		-0.0249673,
		-0.00173901,
		0.022337,
		0.921393,
		-0.38799	],
	"InPlanePhaseEncodingDirectionDICOM": "COL",
	"ConversionSoftware": "dcm2niix",
	"ConversionSoftwareVersion": "v1.0.20220720"
}
