{
	"Modality": "MR",
	"MagneticFieldStrength": 3,
	"ImagingFrequency": 123.19,
	"Manufacturer": "Siemens",
	"ManufacturersModelName": "Prisma",
	"InstitutionName": "MBBI",
	"InstitutionAddress": "West 130th Street 610,NY,NYC,US,10025",
	"DeviceSerialNumber": "166010",
	"StationName": "AWP166010",
	"BodyPartExamined": "BRAIN",
	"PatientPosition": "HFS",
	"ProcedureStepDescription": "Baldassano^CommCon",
	"SoftwareVersions": "syngo MR E11",
	"MRAcquisitionType": "2D",
	"SeriesDescription": "fmap-epi_dir-PA",
	"ProtocolName": "fmap-epi_dir-PA",
	"ScanningSequence": "EP",
	"SequenceVariant": "SK\\SS",
	"ScanOptions": "FS",
	"SequenceName": "epfid2d1_96",
	"ImageType": ["ORIGINAL", "PRIMARY", "M", "MB", "ND", "NORM", "MOSAIC"],
	"NonlinearGradientCorrection": false,
	"SeriesNumber": 13,
	"AcquisitionTime": "14:41:38.300000",
	"AcquisitionNumber": 1,
	"ImageComments": "Unaliased MB3/PE4/LB",
	"SliceThickness": 2,
	"SpacingBetweenSlices": 2,
	"SAR": 0.0802373,
	"EchoTime": 0.028,
	"RepetitionTime": 1.48,
	"FlipAngle": 90,
	"PartialFourier": 1,
	"BaseResolution": 96,
	"ShimSetting": [
		1992,
		-925,
		3319,
		630,
		-211,
		-174,
		-54,
		141	],
	"TxRefAmp": 264.063,
	"PhaseResolution": 1,
	"VendorReportedEchoSpacing": 0.00057,
	"ReceiveCoilName": "HeadNeck_64",
	"ReceiveCoilActiveElements": "HC1-7",
	"PulseSequenceDetails": "%CustomerSeq%\\cmrr_mbep2d_bold",
	"WipMemBlock": "ca089f82-79c6-40da-b503-e74565629607||Sequence: R016 ve11c/master r/8780670; Nov 27 2017 15:05:12 by eja",
	"RefLinesPE": 24,
	"CoilCombinationMethod": "Sum of Squares",
	"ConsistencyInfo": "N4_VE11C_LATEST_20160120",
	"MatrixCoilMode": "GRAPPA",
	"MultibandAccelerationFactor": 3,
	"PercentPhaseFOV": 100,
	"PercentSampling": 100,
	"EchoTrainLength": 47,
	"PhaseEncodingSteps": 95,
	"AcquisitionMatrixPE": 96,
	"ReconMatrixPE": 96,
	"BandwidthPerPixelPhaseEncode": 36.55,
	"ParallelReductionFactorInPlane": 2,
	"EffectiveEchoSpacing": 0.000284998,
	"DerivedVendorReportedEchoSpacing": 0.000569995,
	"TotalReadoutTime": 0.0270748,
	"PixelBandwidth": 2170,
	"PhaseEncodingDirection": "j",
	"SliceTiming": [
		0,
		0.76,
		0.0625,
		0.825,
		0.125,
		0.8875,
		0.19,
		0.95,
		0.2525,
		1.015,
		0.315,
		1.0775,
		0.38,
		1.1425,
		0.4425,
		1.205,
		0.5075,
		1.2675,
		0.57,
		1.3325,
		0.6325,
		1.395,
		0.6975,
		0,
		0.76,
		0.0625,
		0.825,
		0.125,
		0.8875,
		0.19,
		0.95,
		0.2525,
		1.015,
		0.315,
		1.0775,
		0.38,
		1.1425,
		0.4425,
		1.205,
		0.5075,
		1.2675,
		0.57,
		1.3325,
		0.6325,
		1.395,
		0.6975,
		0,
		0.76,
		0.0625,
		0.825,
		0.125,
		0.8875,
		0.19,
		0.95,
		0.2525,
		1.015,
		0.315,
		1.0775,
		0.38,
		1.1425,
		0.4425,
		1.205,
		0.5075,
		1.2675,
		0.57,
		1.3325,
		0.6325,
		1.395,
		0.6975	],
	"ImageOrientationPatientDICOM": [
		0.996786,
		0.0546288,
		-0.0586035,
		-0.0770485,
		0.854134,
		-0.514314	],
	"InPlanePhaseEncodingDirectionDICOM": "COL",
	"ConversionSoftware": "dcm2niix",
	"ConversionSoftwareVersion": "v1.0.20220720"
}
